PATH
  remote: .
  specs:
    my-local-putio (1.0.0)

GEM
  remote: https://rubygems.org/
  specs:
    rake (10.5.0)

PLATFORMS
  ruby

DEPENDENCIES
  bundler (~> 2.0)
  my-local-putio!
  rake (~> 10.0)

BUNDLED WITH
   2.0.2
